PATH
  remote: .
  specs:
    NYCLI (0.1.0)

GEM
  remote: https://rubygems.org/
  specs:
    colorize (0.8.1)
    mini_portile2 (2.5.0)
    nokogiri (1.11.2)
      mini_portile2 (~> 2.5.0)
      racc (~> 1.4)
    open-uri (0.1.0)
    racc (1.5.2)

PLATFORMS
  ruby

DEPENDENCIES
  NYCLI!
  bundler (~> 1.17)
  colorize
  nokogiri
  open-uri

BUNDLED WITH
   1.17.3
