PATH
  remote: .
  specs:
    NYCLI (0.1.0)

GEM
  remote: https://rubygems.org/
  specs:
    colorize (0.8.1)
    nokogiri (1.11.1-x86_64-darwin)
      racc (~> 1.4)
    open-uri (0.1.0)
    racc (1.5.2)

PLATFORMS
  x86_64-darwin-19

DEPENDENCIES
  NYCLI!
  colorize
  nokogiri
  open-uri

BUNDLED WITH
   2.2.3
